PATH
  remote: .
  specs:
    freebase-rb (0.0.1)

GEM
  remote: http://rubygems.org/
  specs:

PLATFORMS
  ruby

DEPENDENCIES
  freebase-rb!
